GEM
  remote: http://rubygems.org/
  specs:
    bcrypt-ruby (3.0.1)
    json (2.3.0)
    json_serialisable (0.0.2)
      json (>= 1.5.4)

PLATFORMS
  ruby

DEPENDENCIES
  bcrypt-ruby
  json
  json_serialisable
