GEM
  remote: http://rubygems.org/
  specs:
    json (1.6.5)
    json_serialisable (0.0.2)
      json (>= 1.5.4)

PLATFORMS
  ruby

DEPENDENCIES
  json
  json_serialisable
