GEM
  remote: http://rubygems.org/
  specs:
    axiom_of_choice (1.0.0)
    json (1.6.5)
    json_serialisable (0.0.2)
      json (>= 1.5.4)
    laser (0.7.0.pre2)
      axiom_of_choice
      object_regex (~> 1.0)
      rake (~> 0.9.0)
      ripper-plus (~> 1.3.0)
      stream (= 0.5)
      treetop (~> 1.4)
      trollop (~> 1.16.2)
    object_regex (1.0.1)
    polyglot (0.3.3)
    rake (0.9.2.2)
    ripper-plus (1.3.0)
    stream (0.5)
    treetop (1.4.10)
      polyglot
      polyglot (>= 0.3.1)
    trollop (1.16.2)

PLATFORMS
  ruby

DEPENDENCIES
  json
  json_serialisable
  laser
